GEM
  remote: https://rubygems.org/
  specs:
    bcrypt (3.1.20)

PLATFORMS
  arm64-darwin-24
  ruby

DEPENDENCIES
  bcrypt

BUNDLED WITH
   2.5.22
